PATH
  remote: engines/manifold_apps/blog
  specs:
    blog (0.1.0)
      coffee-rails (~> 4.2)
      rails (~> 5.1.6, >= 5.1.6.1)
      sass-rails (~> 5.0)
      turbolinks (~> 5)
      uglifier (>= 1.3.0)

PATH
  remote: engines/manifold_apps/hello_engine
  specs:
    hello_engine (0.1.0)
      rails (~> 5.1.6, >= 5.1.6.1)

PATH
  remote: engines/manifold_apps/login_password_full_master
  specs:
    login_password_full_master (0.1.0)
      rails (~> 5.1.6, >= 5.1.6.1)

PATH
  remote: engines/thp/week/1/day/2/cv_webpage
  specs:
    cv_webpage (0.1.0)
      rails (~> 5.1.6)

PATH
  remote: engines/thp/week/1/day/3/google_page1
  specs:
    google_page1 (0.1.0)
      rails (~> 5.1.6, >= 5.1.6.1)

PATH
  remote: engines/thp/week/1/day/4/google_page2
  specs:
    google_page2 (0.1.0)
      rails (~> 5.1.6, >= 5.1.6.1)

PATH
  remote: engines/thp/week/1/day/4/mozilla_page
  specs:
    mozilla_page (0.1.0)
      rails (~> 5.1.6, >= 5.1.6.1)

PATH
  remote: engines/thp/week/4/day/2/je_me_presente
  specs:
    je_me_presente (0.1.0)
      rails (~> 5.1.6)

PATH
  remote: engines/thp/week/4/day/2/movie_maker
  specs:
    movie_maker (0.1.0)
      rails (~> 5.1.6)

PATH
  remote: engines/thp/week/4/day/2/re_former
  specs:
    re_former (0.1.0)
      rails (~> 5.1.6)

PATH
  remote: engines/thp/week/4/day/3/the_gossip_project
  specs:
    the_gossip_project (0.1.0)
      rails (~> 5.1.6)

PATH
  remote: engines/thp/week/4/day/3/thp_moussaillons
  specs:
    thp_moussaillons (0.1.0)
      bootstrap-sass (= 3.3.7)
      rails (~> 5.1.6)

PATH
  remote: engines/thp/week/4/day/4/base_de_donnees
  specs:
    base_de_donnees (0.1.0)
      rails (~> 5.1.6)

PATH
  remote: engines/thp/week/5/day/2/univers_response
  specs:
    univers_response (0.1.0)
      bootstrap-sass (= 3.3.7)
      rails (~> 5.1.6)

PATH
  remote: engines/thp/week/5/day/4/courses
  specs:
    courses (0.1.0)
      rails (~> 5.1.6)

PATH
  remote: engines/thp/week/5/day/4/generate
  specs:
    generate (0.1.0)
      rails (~> 5.1.6)

PATH
  remote: engines/thp/week/5/day/4/reservation
  specs:
    reservation (0.1.0)
      rails (~> 5.1.6)

PATH
  remote: engines/thp/week/5/day/4/usine
  specs:
    usine (0.1.0)
      rails (~> 5.1.6)

PATH
  remote: engines/thp/week/5/day/5/eventbrite
  specs:
    eventbrite (0.1.0)
      rails (~> 5.1.6)

PATH
  remote: engines/thp/week/6/day/1/reservation_vol
  specs:
    reservation_vol (0.1.0)
      faker
      rails (~> 5.1.6)

PATH
  remote: engines/thp/week/6/day/2/devise_demo
  specs:
    devise_demo (0.1.0)
      bootstrap-sass (= 3.3.7)
      coffee-rails
      delayed_job_active_record
      devise
      devise-i18n
      devise_zxcvbn
      jquery-turbolinks
      rails (~> 5.1.6)

PATH
  remote: engines/thp/week/6/day/2/home_page
  specs:
    home_page (0.1.0)
      bcrypt (= 3.1.11)
      bootstrap-sass (= 3.3.7)
      delayed_job_active_record
      devise
      devise-i18n
      faker
      jquery-turbolinks
      rails (~> 5.1.6)
      rspec-rails (~> 3.5.0)

PATH
  remote: engines/thp/week/6/day/4/twitter_bis
  specs:
    twitter_bis (0.1.0)
      bootstrap-sass (= 3.3.7)
      rails (~> 5.1.6)
      twitter

PATH
  remote: engines/thp/week/7/day/2/formulaire_stylay
  specs:
    formulaire_stylay (0.1.0)
      coffee-rails (= 4.2.2)
      devise
      devise-i18n
      rails (~> 5.1.6)
      sass-rails (= 5.0.6)
      turbolinks (= 5.0.1)
      uglifier (= 3.2.0)

PATH
  remote: engines/thp/week/9/day/3/email_viewer
  specs:
    email_viewer (0.1.0)
      rails (~> 5.1.6)
      sass-rails (= 5.0.6)
      turbolinks (= 5.0.1)

GEM
  remote: https://rubygems.org/
  specs:
    Ascii85 (1.0.3)
    actioncable (5.1.6.1)
      actionpack (= 5.1.6.1)
      nio4r (~> 2.0)
      websocket-driver (~> 0.6.1)
    actionmailer (5.1.6.1)
      actionpack (= 5.1.6.1)
      actionview (= 5.1.6.1)
      activejob (= 5.1.6.1)
      mail (~> 2.5, >= 2.5.4)
      rails-dom-testing (~> 2.0)
    actionpack (5.1.6.1)
      actionview (= 5.1.6.1)
      activesupport (= 5.1.6.1)
      rack (~> 2.0)
      rack-test (>= 0.6.3)
      rails-dom-testing (~> 2.0)
      rails-html-sanitizer (~> 1.0, >= 1.0.2)
    actionview (5.1.6.1)
      activesupport (= 5.1.6.1)
      builder (~> 3.1)
      erubi (~> 1.4)
      rails-dom-testing (~> 2.0)
      rails-html-sanitizer (~> 1.0, >= 1.0.3)
    activejob (5.1.6.1)
      activesupport (= 5.1.6.1)
      globalid (>= 0.3.6)
    activemodel (5.1.6.1)
      activesupport (= 5.1.6.1)
    activerecord (5.1.6.1)
      activemodel (= 5.1.6.1)
      activesupport (= 5.1.6.1)
      arel (~> 8.0)
    activerecord-diff (2.0.0)
    activesupport (5.1.6.1)
      concurrent-ruby (~> 1.0, >= 1.0.2)
      i18n (>= 0.7, < 2)
      minitest (~> 5.1)
      tzinfo (~> 1.1)
    addressable (2.5.2)
      public_suffix (>= 2.0.2, < 4.0)
    afm (0.2.2)
    arel (8.0.0)
    autoprefixer-rails (9.4.3)
      execjs
    bcrypt (3.1.11)
    bindex (0.5.0)
    bootstrap-sass (3.3.7)
      autoprefixer-rails (>= 5.2.1)
      sass (>= 3.3.4)
    buftok (0.2.0)
    builder (3.2.3)
    bulma-rails (0.7.2)
      sass (~> 3.2)
    byebug (10.0.2)
    capybara (2.18.0)
      addressable
      mini_mime (>= 0.1.3)
      nokogiri (>= 1.3.3)
      rack (>= 1.0.0)
      rack-test (>= 0.5.4)
      xpath (>= 2.0, < 4.0)
    childprocess (0.9.0)
      ffi (~> 1.0, >= 1.0.11)
    coderay (1.1.2)
    coffee-rails (4.2.2)
      coffee-script (>= 2.2.0)
      railties (>= 4.0.0)
    coffee-script (2.4.1)
      coffee-script-source
      execjs
    coffee-script-source (1.12.2)
    concurrent-ruby (1.1.4)
    crass (1.0.4)
    csv (3.0.2)
    declarative (0.0.10)
    declarative-option (0.1.0)
    delayed_job (4.1.5)
      activesupport (>= 3.0, < 5.3)
    delayed_job_active_record (4.1.3)
      activerecord (>= 3.0, < 5.3)
      delayed_job (>= 3.0, < 5)
    devise (4.5.0)
      bcrypt (~> 3.0)
      orm_adapter (~> 0.1)
      railties (>= 4.1.0, < 6.0)
      responders
      warden (~> 1.2.3)
    devise-i18n (1.7.0)
      devise (>= 4.5)
    devise_zxcvbn (4.4.1)
      devise
      zxcvbn-js (~> 4.4.1)
    diff-lcs (1.3)
    differ (0.1.2)
    domain_name (0.5.20180417)
      unf (>= 0.0.5, < 1.0.0)
    equalizer (0.0.11)
    erubi (1.8.0)
    execjs (2.7.0)
    faker (1.9.1)
      i18n (>= 0.7)
    faraday (0.15.4)
      multipart-post (>= 1.2, < 3)
    ffi (1.9.25)
    figaro (1.1.1)
      thor (~> 0.14)
    font-awesome-sass (5.5.0.1)
      sassc (>= 1.11)
    geocoder (1.5.0)
    globalid (0.4.1)
      activesupport (>= 4.2.0)
    gmail (0.7.1)
      gmail_xoauth (>= 0.3.0)
      mail (>= 2.2.1)
    gmail_xoauth (0.4.2)
      oauth (>= 0.3.6)
    google-api-client (0.25.0)
      addressable (~> 2.5, >= 2.5.1)
      googleauth (>= 0.5, < 0.7.0)
      httpclient (>= 2.8.1, < 3.0)
      mime-types (~> 3.0)
      representable (~> 3.0)
      retriable (>= 2.0, < 4.0)
      signet (~> 0.10)
    google_drive (3.0.1)
      google-api-client (>= 0.11.0, < 0.26.0)
      googleauth (>= 0.5.0, < 1.0.0)
      nokogiri (>= 1.5.3, < 2.0.0)
    googleauth (0.6.7)
      faraday (~> 0.12)
      jwt (>= 1.4, < 3.0)
      memoist (~> 0.16)
      multi_json (~> 1.11)
      os (>= 0.9, < 2.0)
      signet (~> 0.7)
    hashery (2.1.2)
    http (3.3.0)
      addressable (~> 2.3)
      http-cookie (~> 1.0)
      http-form_data (~> 2.0)
      http_parser.rb (~> 0.6.0)
    http-cookie (1.0.3)
      domain_name (~> 0.5)
    http-form_data (2.1.1)
    http_parser.rb (0.6.0)
    httpclient (2.8.3)
    i18n (1.3.0)
      concurrent-ruby (~> 1.0)
    jbuilder (2.8.0)
      activesupport (>= 4.2.0)
      multi_json (>= 1.2)
    jquery-rails (4.3.3)
      rails-dom-testing (>= 1, < 3)
      railties (>= 4.2.0)
      thor (>= 0.14, < 2.0)
    jquery-turbolinks (2.1.0)
      railties (>= 3.1.0)
      turbolinks
    json (2.1.0)
    jwt (2.1.0)
    koala (3.0.0)
      addressable
      faraday
      json (>= 1.8)
    listen (3.1.5)
      rb-fsevent (~> 0.9, >= 0.9.4)
      rb-inotify (~> 0.9, >= 0.9.7)
      ruby_dep (~> 1.2)
    loofah (2.2.3)
      crass (~> 1.0.2)
      nokogiri (>= 1.5.9)
    mail (2.7.1)
      mini_mime (>= 0.1.1)
    memoist (0.16.0)
    memoizable (0.4.2)
      thread_safe (~> 0.3, >= 0.3.1)
    method_source (0.9.2)
    mime-types (3.2.2)
      mime-types-data (~> 3.2015)
    mime-types-data (3.2018.0812)
    mini_mime (1.0.1)
    mini_portile2 (2.4.0)
    minitest (5.11.3)
    multi_json (1.13.1)
    multipart-post (2.0.0)
    mustermann (1.0.3)
    naught (1.1.0)
    nio4r (2.3.1)
    nokogiri (1.9.1)
      mini_portile2 (~> 2.4.0)
    oauth (0.5.4)
    orm_adapter (0.5.0)
    os (1.0.0)
    paper-pdf-parser (0.1.0)
      nokogiri (~> 1.6)
      pdf-reader (~> 1.4)
      thor (~> 0.19)
    pdf-reader (1.4.1)
      Ascii85 (~> 1.0.0)
      afm (~> 0.2.1)
      hashery (~> 2.0)
      ruby-rc4
      ttfunk
    pg (0.21.0)
    pry (0.12.2)
      coderay (~> 1.1.0)
      method_source (~> 0.9.0)
    public_suffix (3.0.3)
    puma (3.12.0)
    rack (2.0.6)
    rack-protection (2.0.5)
      rack
    rack-test (1.1.0)
      rack (>= 1.0, < 3)
    rails (5.1.6.1)
      actioncable (= 5.1.6.1)
      actionmailer (= 5.1.6.1)
      actionpack (= 5.1.6.1)
      actionview (= 5.1.6.1)
      activejob (= 5.1.6.1)
      activemodel (= 5.1.6.1)
      activerecord (= 5.1.6.1)
      activesupport (= 5.1.6.1)
      bundler (>= 1.3.0)
      railties (= 5.1.6.1)
      sprockets-rails (>= 2.0.0)
    rails-dom-testing (2.0.3)
      activesupport (>= 4.2.0)
      nokogiri (>= 1.6)
    rails-html-sanitizer (1.0.4)
      loofah (~> 2.2, >= 2.2.2)
    rails-latex (2.3.0)
      rails (>= 3.0.0, < 6)
    railties (5.1.6.1)
      actionpack (= 5.1.6.1)
      activesupport (= 5.1.6.1)
      method_source
      rake (>= 0.8.7)
      thor (>= 0.18.1, < 2.0)
    rake (12.3.2)
    rb-fsevent (0.10.3)
    rb-inotify (0.10.0)
      ffi (~> 1.0)
    redcarpet (3.4.0)
    regexp_parser (1.3.0)
    representable (3.0.4)
      declarative (< 0.1.0)
      declarative-option (< 0.2.0)
      uber (< 0.2.0)
    responders (2.4.0)
      actionpack (>= 4.2.0, < 5.3)
      railties (>= 4.2.0, < 5.3)
    retriable (3.1.2)
    roo (2.7.1)
      nokogiri (~> 1)
      rubyzip (~> 1.1, < 2.0.0)
    rouge (3.3.0)
    rouge-rails (0.2.1)
      actionview
      railties
      rouge
    rspec (3.5.0)
      rspec-core (~> 3.5.0)
      rspec-expectations (~> 3.5.0)
      rspec-mocks (~> 3.5.0)
    rspec-core (3.5.4)
      rspec-support (~> 3.5.0)
    rspec-expectations (3.5.0)
      diff-lcs (>= 1.2.0, < 2.0)
      rspec-support (~> 3.5.0)
    rspec-mocks (3.5.0)
      diff-lcs (>= 1.2.0, < 2.0)
      rspec-support (~> 3.5.0)
    rspec-rails (3.5.2)
      actionpack (>= 3.0)
      activesupport (>= 3.0)
      railties (>= 3.0)
      rspec-core (~> 3.5.0)
      rspec-expectations (~> 3.5.0)
      rspec-mocks (~> 3.5.0)
      rspec-support (~> 3.5.0)
    rspec-support (3.5.0)
    ruby-rc4 (0.1.5)
    ruby_dep (1.5.0)
    rubyzip (1.2.2)
    sass (3.7.2)
      sass-listen (~> 4.0.0)
    sass-listen (4.0.0)
      rb-fsevent (~> 0.9, >= 0.9.4)
      rb-inotify (~> 0.9, >= 0.9.7)
    sass-rails (5.0.6)
      railties (>= 4.0.0, < 6)
      sass (~> 3.1)
      sprockets (>= 2.8, < 4.0)
      sprockets-rails (>= 2.0, < 4.0)
      tilt (>= 1.1, < 3)
    sassc (2.0.0)
      ffi (~> 1.9.6)
      rake
    selenium-webdriver (3.141.0)
      childprocess (~> 0.5)
      rubyzip (~> 1.2, >= 1.2.2)
    signet (0.11.0)
      addressable (~> 2.3)
      faraday (~> 0.9)
      jwt (>= 1.5, < 3.0)
      multi_json (~> 1.10)
    simple_oauth (0.3.1)
    sinatra (2.0.5)
      mustermann (~> 1.0)
      rack (~> 2.0)
      rack-protection (= 2.0.5)
      tilt (~> 2.0)
    spring (2.0.2)
      activesupport (>= 4.2)
    spring-watcher-listen (2.0.1)
      listen (>= 2.7, < 4.0)
      spring (>= 1.2, < 3.0)
    sprockets (3.7.2)
      concurrent-ruby (~> 1.0)
      rack (> 1, < 3)
    sprockets-rails (3.2.1)
      actionpack (>= 4.0)
      activesupport (>= 4.0)
      sprockets (>= 3.0.0)
    thor (0.20.3)
    thread_safe (0.3.6)
    tilt (2.0.9)
    ttfunk (1.5.1)
    turbolinks (5.0.1)
      turbolinks-source (~> 5)
    turbolinks-source (5.2.0)
    twitter (6.2.0)
      addressable (~> 2.3)
      buftok (~> 0.2.0)
      equalizer (~> 0.0.11)
      http (~> 3.0)
      http-form_data (~> 2.0)
      http_parser.rb (~> 0.6.0)
      memoizable (~> 0.4.0)
      multipart-post (~> 2.0)
      naught (~> 1.0)
      simple_oauth (~> 0.3.0)
    tzinfo (1.2.5)
      thread_safe (~> 0.1)
    uber (0.1.0)
    uglifier (3.2.0)
      execjs (>= 0.3.0, < 3)
    unf (0.1.4)
      unf_ext
    unf_ext (0.0.7.5)
    warden (1.2.8)
      rack (>= 2.0.6)
    watir (6.16.5)
      regexp_parser (~> 1.2)
      selenium-webdriver (~> 3.6)
    web-console (3.7.0)
      actionview (>= 5.0)
      activemodel (>= 5.0)
      bindex (>= 0.4.0)
      railties (>= 5.0)
    websocket-driver (0.6.5)
      websocket-extensions (>= 0.1.0)
    websocket-extensions (0.1.3)
    xpath (3.2.0)
      nokogiri (~> 1.8)
    zxcvbn-js (4.4.3)
      execjs

PLATFORMS
  ruby

DEPENDENCIES
  activerecord-diff
  base_de_donnees!
  blog!
  bootstrap-sass (= 3.3.7)
  bulma-rails (~> 0.7.2)
  byebug
  capybara (~> 2.13)
  coderay
  coffee-rails (~> 4.2)
  courses!
  csv
  cv_webpage!
  devise_demo!
  differ
  email_viewer!
  eventbrite!
  figaro
  font-awesome-sass (~> 5.5.0)
  formulaire_stylay!
  generate!
  geocoder
  gmail
  google_drive
  google_page1!
  google_page2!
  hello_engine!
  home_page!
  jbuilder (~> 2.5)
  je_me_presente!
  jquery-rails
  json
  koala
  listen (>= 3.0.5, < 3.2)
  login_password_full_master!
  movie_maker!
  mozilla_page!
  nokogiri
  paper-pdf-parser
  pg (~> 0.18)
  pry
  puma (~> 3.7)
  rails (~> 5.1.4)
  rails-latex
  re_former!
  redcarpet
  reservation!
  reservation_vol!
  roo
  rouge-rails
  rspec
  sass-rails (~> 5.0)
  selenium-webdriver
  sinatra
  spring
  spring-watcher-listen (~> 2.0.0)
  sprockets
  the_gossip_project!
  thp_moussaillons!
  turbolinks (~> 5)
  twitter_bis!
  tzinfo-data
  uglifier (>= 1.3.0)
  univers_response!
  usine!
  watir
  web-console (>= 3.3.0)

BUNDLED WITH
   1.17.3
